GEM
  remote: https://rubygems.org/
  specs:
    ruby2d (0.11.3)

PLATFORMS
  x64-mingw-ucrt

DEPENDENCIES
  ruby2d (~> 0.11.1)

BUNDLED WITH
   2.3.7
